GEM
  remote: https://rubygems.org/
  specs:
    json (2.3.0)
    mini_portile2 (2.4.0)
    nokogiri (1.10.4)
      mini_portile2 (~> 2.4.0)
    rack (1.6.12)
    rack-protection (1.5.5)
      rack
    sinatra (1.4.7)
      rack (~> 1.5)
      rack-protection (~> 1.4)
      tilt (>= 1.3, < 3)
    sqlite3 (1.3.11)
    tilt (2.0.5)
    wannabe_bool (0.6.0)

PLATFORMS
  ruby

DEPENDENCIES
  json
  nokogiri
  sinatra
  sqlite3
  wannabe_bool

BUNDLED WITH
   1.12.5
